GEM
  remote: http://rubygems.org/
  specs:
    activesupport (3.2.13)
      i18n (= 0.6.1)
      multi_json (~> 1.0)
    chronic (0.8.0)
    commander (4.1.3)
      highline (~> 1.6.11)
    highline (1.6.16)
    i18n (0.6.1)
    mlb_terminal (0.0.5)
      activesupport (~> 3.2.8)
      chronic (~> 0.8.0)
      commander (~> 4.1.2)
      nokogiri (~> 1.5.5)
    multi_json (1.7.2)
    nokogiri (1.5.9)
    rack (1.5.2)
    rack-protection (1.5.0)
      rack
    sinatra (1.4.2)
      rack (~> 1.5, >= 1.5.2)
      rack-protection (~> 1.4)
      tilt (~> 1.3, >= 1.3.4)
    tilt (1.3.6)

PLATFORMS
  ruby

DEPENDENCIES
  mlb_terminal
  sinatra
